GIT
  remote: https://github.com/JRJurman/console_splash.git
  revision: f5a57e443cada6b8b28821436a85cba3f6a738d7
  specs:
    console_splash (2.0.1)
      colorize

GEM
  remote: https://rubygems.org/
  specs:
    colorize (0.8.1)
    terminal-table (1.7.3)
      unicode-display_width (~> 1.1.1)
    unicode-display_width (1.1.1)

PLATFORMS
  ruby

DEPENDENCIES
  colorize!
  console_splash!
  terminal-table!

BUNDLED WITH
   1.11.2
